PATH
  remote: .
  specs:
    trails_near_me (0.1.0)

GEM
  remote: https://rubygems.org/
  specs:
    coderay (1.1.2)
    method_source (0.9.2)
    pry (0.12.2)
      coderay (~> 1.1.0)
      method_source (~> 0.9.0)
    rake (12.3.3)

PLATFORMS
  ruby

DEPENDENCIES
  pry
  rake (~> 12.0)
  trails_near_me!

BUNDLED WITH
   2.1.4
